GEM
  remote: https://rubygems.org/
  specs:
    bcp47 (0.3.3)
      i18n
    chunky_png (1.4.0)
    concurrent-ruby (1.3.4)
    date_time_precision (0.8.1)
    docile (1.4.1)
    fhir_models (4.3.0)
      bcp47 (>= 0.3)
      date_time_precision (>= 0.8)
      mime-types (>= 3.0)
      nokogiri (>= 1.11.4)
    i18n (1.14.6)
      concurrent-ruby (~> 1.0)
    mime-types (3.5.2)
      mime-types-data (~> 3.2015)
    mime-types-data (3.2024.0903)
    minitest (5.25.1)
    nokogiri (1.16.7-arm64-darwin)
      racc (~> 1.4)
    racc (1.8.1)
    rake (13.2.1)
    rqrcode (2.2.0)
      chunky_png (~> 1.0)
      rqrcode_core (~> 1.0)
    rqrcode_core (1.2.0)
    simplecov (0.22.0)
      docile (~> 1.1)
      simplecov-html (~> 0.11)
      simplecov_json_formatter (~> 0.1)
    simplecov-html (0.13.1)
    simplecov_json_formatter (0.1.4)

PLATFORMS
  arm64-darwin-22

DEPENDENCIES
  fhir_models (>= 4.3.0)
  minitest (~> 5.25)
  rake (~> 13.2.1)
  rqrcode
  rqrcode_core (>= 1.2.0)
  simplecov

RUBY VERSION
   ruby 3.2.0p0

BUNDLED WITH
   2.4.17
